GEM
  remote: https://rubygems.org/
  specs:
    coderay (1.1.0)
    imdb (0.8.2)
      nokogiri (= 1.6.2.1)
    method_source (0.8.2)
    mini_portile (0.6.0)
    nokogiri (1.6.2.1-x86-mingw32)
      mini_portile (= 0.6.0)
    pry (0.10.1-x86-mingw32)
      coderay (~> 1.1.0)
      method_source (~> 0.8.1)
      slop (~> 3.4)
      win32console (~> 1.3)
    slop (3.6.0)
    win32console (1.3.2-x86-mingw32)

PLATFORMS
  x86-mingw32

DEPENDENCIES
  imdb
  pry
